GEM
  remote: http://rubygems.org/
  specs:
    addressable (2.2.6)
    broadband_map (0.0.1)
      faraday (~> 0.6.1)
      faraday_middleware (~> 0.6.3)
      hashie (~> 1.0.0)
      multi_json (~> 1.0.2)
      rash (~> 0.3.0)
    faraday (0.6.1)
      addressable (~> 2.2.4)
      multipart-post (~> 1.1.0)
      rack (< 2, >= 1.1.0)
    faraday_middleware (0.6.5)
      faraday (~> 0.6.0)
    geocoder (1.0.2)
    hashie (1.0.0)
    json (1.5.3)
    multi_json (1.0.3)
    multipart-post (1.1.3)
    rack (1.3.2)
    rash (0.3.0)
      hashie (~> 1.0.0)
    sinatra (1.2.6)
      rack (~> 1.1)
      tilt (< 2.0, >= 1.2.2)
    tilt (1.3.2)

PLATFORMS
  ruby

DEPENDENCIES
  broadband_map
  geocoder
  json
  sinatra
